GEM
  remote: https://rubygems.org/
  specs:

PLATFORMS
  x64-mingw-ucrt

DEPENDENCIES

RUBY VERSION
   ruby 3.4.2p28

BUNDLED WITH
   2.6.2
